GIT
  remote: git://github.com/chrisroberts/vagabond
  revision: 704594a108582ba282994079edc93f5373dba43b
  branch: develop
  specs:
    vagabond (0.2.1)
      chef
      librarian
      test-kitchen (>= 1.0.0.alpha)
      thor
      uuidtools

GIT
  remote: git://github.com/mitchellh/vagrant
  revision: a7853fe7b7f08dbedbc934eb9230d33be6bf746f
  tag: v1.2.1
  specs:
    vagrant (1.2.1)
      childprocess (~> 0.3.7)
      erubis (~> 2.7.0)
      i18n (~> 0.6.0)
      json (>= 1.5.1, < 1.8.0)
      log4r (~> 1.1.9)
      net-scp (~> 1.1.0)
      net-ssh (~> 2.6.6)

GEM
  remote: https://www.rubygems.org/
  specs:
    archive-tar-minitar (0.5.2)
    celluloid (0.13.0)
      timers (>= 1.0.0)
    chef (11.4.4)
      erubis
      highline (>= 1.6.9)
      json (>= 1.4.4, <= 1.7.7)
      mixlib-authentication (>= 1.3.0)
      mixlib-cli (~> 1.3.0)
      mixlib-config (>= 1.1.2)
      mixlib-log (>= 1.3.0)
      mixlib-shellout
      net-ssh (~> 2.6)
      net-ssh-multi (~> 1.1.0)
      ohai (>= 0.6.0)
      rest-client (>= 1.0.4, < 1.7.0)
      yajl-ruby (~> 1.1)
    childprocess (0.3.9)
      ffi (~> 1.0, >= 1.0.11)
    coderay (1.0.9)
    erubis (2.7.0)
    ffi (1.8.1)
    highline (1.6.18)
    i18n (0.6.4)
    ipaddress (0.8.0)
    json (1.7.7)
    librarian (0.1.0)
      highline
      thor (~> 0.15)
    librarian-chef (0.0.1)
      archive-tar-minitar (>= 0.5.2)
      chef (>= 0.10)
      librarian (~> 0.1.0)
    log4r (1.1.10)
    method_source (0.8.1)
    mime-types (1.23)
    mixlib-authentication (1.3.0)
      mixlib-log
    mixlib-cli (1.3.0)
    mixlib-config (1.1.2)
    mixlib-log (1.6.0)
    mixlib-shellout (1.1.0)
    net-scp (1.1.0)
      net-ssh (>= 2.6.5)
    net-ssh (2.6.7)
    net-ssh-gateway (1.2.0)
      net-ssh (>= 2.6.5)
    net-ssh-multi (1.1)
      net-ssh (>= 2.1.4)
      net-ssh-gateway (>= 0.99.0)
    ohai (6.16.0)
      ipaddress
      mixlib-cli
      mixlib-config
      mixlib-log
      mixlib-shellout
      systemu
      yajl-ruby
    pry (0.9.12.1)
      coderay (~> 1.0.5)
      method_source (~> 0.8)
      slop (~> 3.4)
    rest-client (1.6.7)
      mime-types (>= 1.16)
    safe_yaml (0.9.1)
    slop (3.4.4)
    systemu (2.5.2)
    test-kitchen (1.0.0.alpha.5)
      celluloid
      mixlib-shellout
      net-scp
      net-ssh
      pry
      safe_yaml
      thor
    thor (0.18.1)
    timers (1.1.0)
    uuidtools (2.1.4)
    yajl-ruby (1.1.0)

PLATFORMS
  ruby

DEPENDENCIES
  librarian-chef
  vagabond!
  vagrant!
